GEM
  remote: https://rubygems.org/
  specs:
    logstash-event (1.2.02)
    logstash-logger (0.26.1)
      logstash-event (~> 1.2)

PLATFORMS
  x86_64-linux

DEPENDENCIES
  logstash-logger

BUNDLED WITH
   2.4.19
